GEM
  remote: http://rubygems.org/
  specs:
    actionmailer (3.1.9)
      actionpack (= 3.1.9)
      mail (~> 2.3.3)
    actionpack (3.1.9)
      activemodel (= 3.1.9)
      activesupport (= 3.1.9)
      builder (~> 3.0.0)
      erubis (~> 2.7.0)
      i18n (~> 0.6)
      rack (~> 1.3.6)
      rack-cache (~> 1.2)
      rack-mount (~> 0.8.2)
      rack-test (~> 0.6.1)
      sprockets (~> 2.0.4)
    activemodel (3.1.9)
      activesupport (= 3.1.9)
      builder (~> 3.0.0)
      i18n (~> 0.6)
    activerecord (3.1.9)
      activemodel (= 3.1.9)
      activesupport (= 3.1.9)
      arel (~> 2.2.3)
      tzinfo (~> 0.3.29)
    activeresource (3.1.9)
      activemodel (= 3.1.9)
      activesupport (= 3.1.9)
    activesupport (3.1.9)
      multi_json (>= 1.0, < 1.3)
    ansi (1.5.0)
    arel (2.2.3)
    builder (3.0.4)
    coffee-rails (3.1.1)
      coffee-script (>= 2.2.0)
      railties (~> 3.1.0)
    coffee-script (2.4.1)
      coffee-script-source
      execjs
    coffee-script-source (1.12.2)
    concurrent-ruby (1.1.6)
    erubis (2.7.0)
    execjs (2.7.0)
    haml (4.0.7)
      tilt
    hike (1.2.3)
    i18n (0.9.5)
      concurrent-ruby (~> 1.0)
    json (1.8.6)
    mail (2.3.3)
      i18n (>= 0.4.0)
      mime-types (~> 1.16)
      treetop (~> 1.4.8)
    mime-types (1.25.1)
    multi_json (1.2.0)
    pg (0.18.4)
    polyglot (0.3.5)
    prototype-rails (3.1.0)
      rails (~> 3.1)
    rack (1.3.10)
    rack-cache (1.7.1)
      rack (>= 0.4)
    rack-mount (0.8.3)
      rack (>= 1.0.0)
    rack-ssl (1.3.4)
      rack
    rack-test (0.6.3)
      rack (>= 1.0)
    rails (3.1.9)
      actionmailer (= 3.1.9)
      actionpack (= 3.1.9)
      activerecord (= 3.1.9)
      activeresource (= 3.1.9)
      activesupport (= 3.1.9)
      bundler (~> 1.0)
      railties (= 3.1.9)
    railties (3.1.9)
      actionpack (= 3.1.9)
      activesupport (= 3.1.9)
      rack-ssl (~> 1.3.2)
      rake (>= 0.8.7)
      rdoc (~> 3.4)
      thor (~> 0.14.6)
    rake (12.2.1)
    rdoc (3.12.2)
      json (~> 1.4)
    sass (3.4.25)
    sass-rails (3.1.7)
      actionpack (~> 3.1.0)
      railties (~> 3.1.0)
      sass (>= 3.1.10)
      tilt (~> 1.3.2)
    sprockets (2.0.5)
      hike (~> 1.2)
      rack (~> 1.0)
      tilt (~> 1.1, != 1.3.0)
    thor (0.14.6)
    tilt (1.3.7)
    treetop (1.4.15)
      polyglot
      polyglot (>= 0.3.1)
    turn (0.8.3)
      ansi
    tzinfo (0.3.56)
    uglifier (4.2.0)
      execjs (>= 0.3.0, < 3)

PLATFORMS
  ruby

DEPENDENCIES
  coffee-rails (~> 3.1.1)
  haml (~> 4.0, >= 4.0.7)
  pg
  prototype-rails
  rails (= 3.1.9)
  sass-rails (~> 3.1.5)
  turn (~> 0.8.3)
  uglifier (>= 1.0.3)

BUNDLED WITH
   1.16.6
